GEM
  remote: http://rubygems.org/
  specs:
    mini_portile (0.6.0)
    nokogiri (1.6.2.1)
      mini_portile (= 0.6.0)
    nori (2.4.0)
    puma (2.8.2)
      rack (>= 1.1, < 2.0)
    rack (1.5.2)

PLATFORMS
  ruby

DEPENDENCIES
  nokogiri
  nori
  puma
  rack
